GIT
  remote: git://github.com/everypolitician/everypolitician-popolo.git
  revision: 40dc460d8340df9ae78469b755ce73b4fd074ce3
  specs:
    everypolitician-popolo (0.8.0)
      require_all

GIT
  remote: git://github.com/openaustralia/scraperwiki-ruby.git
  revision: fc50176812505e463077d5c673d504a6a234aa78
  branch: morph_defaults
  specs:
    scraperwiki (3.0.1)
      httpclient
      sqlite_magic

GEM
  remote: https://rubygems.org/
  specs:
    coderay (1.1.1)
    httpclient (2.8.3)
    method_source (0.8.2)
    open-uri-cached (0.0.5)
    pry (0.10.4)
      coderay (~> 1.1.0)
      method_source (~> 0.8.1)
      slop (~> 3.4)
    require_all (1.4.0)
    slop (3.6.0)
    sqlite3 (1.3.13)
    sqlite_magic (0.0.6)
      sqlite3

PLATFORMS
  ruby

DEPENDENCIES
  everypolitician-popolo!
  open-uri-cached
  pry
  scraperwiki!

RUBY VERSION
   ruby 2.3.3p222

BUNDLED WITH
   1.13.6
